GIT
  remote: git://github.com/ateliware/contaazul
  revision: 892e58fcde2af939087d65f67743cbce69bd3487
  specs:
    contaazul (0.1.1)
      addressable (~> 2.3.4)
      faraday (~> 0.8.7)
      faraday_middleware (~> 0.8)
      multi_json (~> 1.7.6)

GEM
  remote: https://rubygems.org/
  specs:
    addressable (2.3.5)
    faraday (0.8.7)
      multipart-post (~> 1.1)
    faraday_middleware (0.9.0)
      faraday (>= 0.7.4, < 0.9)
    json (1.8.0)
    multi_json (1.7.7)
    multipart-post (1.2.0)
    rack (1.5.2)
    rack-protection (1.5.0)
      rack
    sinatra (1.4.3)
      rack (~> 1.4)
      rack-protection (~> 1.4)
      tilt (~> 1.3, >= 1.3.4)
    tilt (1.4.1)

PLATFORMS
  ruby

DEPENDENCIES
  contaazul!
  json
  sinatra
